GEM
  remote: http://rubygems.org/
  specs:
    jruby-rack (1.1.4)
    rack (1.4.1)
    rack-protection (1.2.0)
      rack
    sinatra (1.3.2)
      rack (~> 1.3, >= 1.3.6)
      rack-protection (~> 1.2)
      tilt (~> 1.3, >= 1.3.3)
    tilt (1.3.3)
    trinidad (1.3.4)
      jruby-rack (>= 1.1.1)
      trinidad_jars (>= 1.0.1)
    trinidad_jars (1.0.2)

PLATFORMS
  java

DEPENDENCIES
  sinatra
  trinidad
