GEM
  remote: http://rubygems.org/
  specs:
    rack (1.3.2)
    sinatra (1.2.6)
      rack (~> 1.1)
      tilt (< 2.0, >= 1.2.2)
    slim (1.0.2)
      temple (~> 0.3.3)
      tilt (~> 1.3.2)
    temple (0.3.3)
    tilt (1.3.3)

PLATFORMS
  java
  ruby

DEPENDENCIES
  sinatra
  slim
