GEM
  remote: http://rubygems.org/
  specs:
    addressable (2.2.7)
    ffi (1.0.11-java)
    heroku (2.20.1)
      launchy (>= 0.3.2)
      rest-client (~> 1.6.1)
      rubyzip
      term-ansicolor (~> 1.0.5)
    jruby-rack (1.1.4)
    launchy (2.0.5-java)
      addressable (~> 2.2.6)
      ffi (~> 1.0.9)
      spoon (~> 0.0.1)
    mime-types (1.17.2)
    rack (1.4.1)
    rack-protection (1.2.0)
      rack
    rest-client (1.6.7)
      mime-types (>= 1.16)
    rubyzip (0.9.6.1)
    sinatra (1.3.2)
      rack (~> 1.3, >= 1.3.6)
      rack-protection (~> 1.2)
      tilt (~> 1.3, >= 1.3.3)
    spoon (0.0.1)
    term-ansicolor (1.0.7)
    tilt (1.3.3)
    trinidad (1.3.4)
      jruby-rack (>= 1.1.1)
      trinidad_jars (>= 1.0.1)
    trinidad_jars (1.0.2)

PLATFORMS
  java

DEPENDENCIES
  heroku
  sinatra
  trinidad
